GIT
  remote: git://github.com/resque/redis-namespace.git
  revision: d38bf73e272b28d4b6b24a9d823208a4b27ddc12
  specs:
    redis-namespace (1.3.1)
      redis (~> 3.0.4)

GIT
  remote: git://github.com/resque/resque.git
  revision: 620d354454b8494f3def7626dab9af6ce5b6e667
  specs:
    resque (2.0.0.pre.1)
      json
      mono_logger (~> 1.0)
      redis-namespace (>= 1.3.0)
      thor (~> 0.17)

GIT
  remote: git://github.com/sinatra/sinatra.git
  revision: be4bddaa98ecb5b84a540ad721787f372e1b2d1c
  specs:
    sinatra (1.4.3)
      rack (~> 1.4)
      rack-protection (~> 1.4)
      tilt (~> 1.3, >= 1.3.4)

GEM
  remote: https://rubygems.org/
  specs:
    json (1.8.0)
    mono_logger (1.1.0)
    rack (1.5.2)
    rack-protection (1.5.0)
      rack
    redis (3.0.4)
    thor (0.18.1)
    tilt (1.4.1)

PLATFORMS
  ruby

DEPENDENCIES
  redis
  redis-namespace!
  resque!
  sinatra!
